GIT
  remote: git://github.com/floehopper/mocha.git
  revision: f1d182ea33fe08cbc187df90f12013814ae59da8
  specs:
    mocha (0.9.12.20110213002255)

GEM
  remote: http://rubygems.org/
  specs:
    activemodel (3.0.7)
      activesupport (= 3.0.7)
      builder (~> 2.1.2)
      i18n (~> 0.5.0)
    activesupport (3.0.7)
    archive-tar-minitar (0.5.2)
    bson (1.3.0)
    bson_ext (1.3.0)
    builder (2.1.2)
    columnize (0.3.2)
    diff-lcs (1.1.2)
    i18n (0.5.0)
    linecache (0.43)
    linecache19 (0.5.12)
      ruby_core_source (>= 0.1.4)
    locomotive_carrierwave (0.5.0.1)
      activesupport (~> 3.0)
    mongo (1.3.0)
      bson (>= 1.3.0)
    mongoid (2.0.1)
      activemodel (~> 3.0)
      mongo (~> 1.3)
      tzinfo (~> 0.3.22)
      will_paginate (~> 3.0.pre)
    rake (0.8.7)
    rspec (2.5.0)
      rspec-core (~> 2.5.0)
      rspec-expectations (~> 2.5.0)
      rspec-mocks (~> 2.5.0)
    rspec-core (2.5.2)
    rspec-expectations (2.5.0)
      diff-lcs (~> 1.1.2)
    rspec-mocks (2.5.0)
    ruby-debug (0.10.4)
      columnize (>= 0.1)
      ruby-debug-base (~> 0.10.4.0)
    ruby-debug-base (0.10.4)
      linecache (>= 0.3)
    ruby-debug-base19 (0.11.25)
      columnize (>= 0.3.1)
      linecache19 (>= 0.5.11)
      ruby_core_source (>= 0.1.4)
    ruby-debug19 (0.11.6)
      columnize (>= 0.3.1)
      linecache19 (>= 0.5.11)
      ruby-debug-base19 (>= 0.11.19)
    ruby_core_source (0.1.5)
      archive-tar-minitar (>= 0.5.2)
    tzinfo (0.3.27)
    will_paginate (3.0.pre2)

PLATFORMS
  ruby

DEPENDENCIES
  activesupport (>= 3.0.7)
  bson_ext (~> 1.3.0)
  locomotive_carrierwave
  mocha!
  mongoid (~> 2.0.1)
  rake
  rspec (>= 2.5.0)
  ruby-debug
  ruby-debug19
