GIT
  remote: git://github.com/floehopper/mocha.git
  revision: 2b4e868d1907859cd03f407078bd8b630f7d0dd6
  specs:
    mocha (0.9.12.20110213002255)

GEM
  remote: http://rubygems.org/
  specs:
    activemodel (3.0.5)
      activesupport (= 3.0.5)
      builder (~> 2.1.2)
      i18n (~> 0.4)
    activesupport (3.0.5)
    bson (1.2.4)
    bson_ext (1.2.4)
    builder (2.1.2)
    diff-lcs (1.1.2)
    i18n (0.5.0)
    locomotive_carrierwave (0.5.0.1)
      activesupport (~> 3.0)
    mongo (1.2.4)
      bson (>= 1.2.4)
    mongoid (2.0.0.rc.7)
      activemodel (~> 3.0)
      mongo (~> 1.2)
      tzinfo (~> 0.3.22)
      will_paginate (~> 3.0.pre)
    rake (0.8.7)
    rspec (2.5.0)
      rspec-core (~> 2.5.0)
      rspec-expectations (~> 2.5.0)
      rspec-mocks (~> 2.5.0)
    rspec-core (2.5.1)
    rspec-expectations (2.5.0)
      diff-lcs (~> 1.1.2)
    rspec-mocks (2.5.0)
    tzinfo (0.3.24)
    will_paginate (3.0.pre2)

PLATFORMS
  ruby

DEPENDENCIES
  activesupport (>= 3.0.4)
  bson_ext (~> 1.2)
  locomotive_carrierwave
  mocha!
  mongoid (~> 2.0.0.rc.7)
  rake
  rspec (>= 2.0.0.beta.10)
