GIT
  remote: git://github.com/jnicklas/carrierwave.git
  revision: 957266d956e76c10b52ccfd67823800d53d55591
  specs:
    carrierwave (0.6.0.beta)
      activemodel (>= 3.2.0)
      activesupport (>= 3.2.0)

PATH
  remote: .
  specs:
    custom_fields (2.0.0.rc3)
      activesupport (~> 3.2.1)
      carrierwave-mongoid (~> 0.1.3)
      mongoid (~> 2.4.3)

GEM
  remote: http://rubygems.org/
  specs:
    RedCloth (4.2.9)
    activemodel (3.2.1)
      activesupport (= 3.2.1)
      builder (~> 3.0.0)
    activesupport (3.2.1)
      i18n (~> 0.6)
      multi_json (~> 1.0)
    bson (1.5.2)
    bson_ext (1.5.2)
      bson (= 1.5.2)
    builder (3.0.0)
    carrierwave-mongoid (0.1.3)
      carrierwave (>= 0.5.6)
      mongoid (~> 2.1)
    columnize (0.3.6)
    database_cleaner (0.6.7)
    diff-lcs (1.1.3)
    i18n (0.6.0)
    linecache (0.46)
      rbx-require-relative (> 0.0.4)
    mocha (0.9.12)
    mongo (1.5.2)
      bson (= 1.5.2)
    mongoid (2.4.3)
      activemodel (~> 3.1)
      mongo (~> 1.3)
      tzinfo (~> 0.3.22)
    multi_json (1.0.4)
    rake (0.9.2.2)
    rbx-require-relative (0.0.5)
    rspec (2.8.0)
      rspec-core (~> 2.8.0)
      rspec-expectations (~> 2.8.0)
      rspec-mocks (~> 2.8.0)
    rspec-core (2.8.0)
    rspec-expectations (2.8.0)
      diff-lcs (~> 1.1.2)
    rspec-mocks (2.8.0)
    ruby-debug (0.10.4)
      columnize (>= 0.1)
      ruby-debug-base (~> 0.10.4.0)
    ruby-debug-base (0.10.4)
      linecache (>= 0.3)
    tzinfo (0.3.31)
    yard (0.7.5)

PLATFORMS
  ruby

DEPENDENCIES
  RedCloth (~> 4.2.9)
  bson (~> 1.5.2)
  bson_ext (~> 1.5.2)
  carrierwave!
  custom_fields!
  database_cleaner (~> 0.6.7)
  mocha (~> 0.9.12)
  mongo (~> 1.5.2)
  rake (~> 0.9.2)
  rspec (~> 2.8)
  ruby-debug
  yard (~> 0.7.4)
